PATH
  remote: .
  specs:
    letsfreckle-client (0.1.1)
      hashie (>= 1.0.0)
      httparty (>= 0.7.8)

GEM
  remote: http://rubygems.org/
  specs:
    addressable (2.2.6)
    crack (0.1.8)
    diff-lcs (1.1.2)
    hashie (1.0.0)
    httparty (0.7.8)
      crack (= 0.1.8)
    rspec (2.5.0)
      rspec-core (~> 2.5.0)
      rspec-expectations (~> 2.5.0)
      rspec-mocks (~> 2.5.0)
    rspec-core (2.5.2)
    rspec-expectations (2.5.0)
      diff-lcs (~> 1.1.2)
    rspec-mocks (2.5.0)
    webmock (1.6.4)
      addressable (~> 2.2, > 2.2.5)
      crack (>= 0.1.7)

PLATFORMS
  ruby

DEPENDENCIES
  letsfreckle-client!
  rspec (~> 2.5.0)
  webmock (~> 1.6.2)
